PATH
  remote: .
  specs:
    mcwrapper (1.6.7pre)

GEM
  remote: https://rubygems.org/
  specs:

PLATFORMS
  ruby

DEPENDENCIES
  mcwrapper!
